GEM
  remote: https://rubygems.org/
  specs:
    byebug (4.0.5)
      columnize (= 0.9.0)
    coderay (1.1.0)
    columnize (0.9.0)
    json (1.8.3)
    method_source (0.8.2)
    pry (0.10.1)
      coderay (~> 1.1.0)
      method_source (~> 0.8.1)
      slop (~> 3.4)
    pry-byebug (3.1.0)
      byebug (~> 4.0)
      pry (~> 0.10)
    rubytree (0.9.6)
      json (~> 1.8)
      structured_warnings (~> 0.2)
    slop (3.6.0)
    structured_warnings (0.2.0)

PLATFORMS
  ruby

DEPENDENCIES
  pry-byebug
  rubytree
